GEM
  remote: https://rubygems.org/
  specs:
    blankslate (3.1.2)
    jimson (0.10.0)
      blankslate (~> 3.1.2)
      multi_json (~> 1.7.6)
      rack (~> 1.4.5)
      rest-client (~> 1.6.7)
    mime-types (2.3)
    multi_json (1.7.9)
    rack (1.4.5)
    rest-client (1.6.7)
      mime-types (>= 1.16)

PLATFORMS
  ruby

DEPENDENCIES
  jimson (~> 0.10.0)
